GEM
  remote: https://rubygems.org/
  specs:
    amq-protocol (2.2.0)
    bunny (2.7.0)
      amq-protocol (>= 2.2.0)
    cpf_cnpj (0.3.0)
    faker (1.8.4)
      i18n (~> 0.5)
    httparty (0.15.6)
      multi_xml (>= 0.5.2)
    i18n (0.8.6)
    json (2.1.0)
    mini_portile2 (2.2.0)
    multi_xml (0.6.0)
    mustermann (1.0.0)
    nokogiri (1.8.0)
      mini_portile2 (~> 2.2.0)
    rack (2.0.3)
    rack-protection (2.0.0)
      rack
    sinatra (2.0.0)
      mustermann (~> 1.0)
      rack (~> 2.0)
      rack-protection (= 2.0.0)
      tilt (~> 2.0)
    tilt (2.0.8)

PLATFORMS
  ruby

DEPENDENCIES
  bunny
  cpf_cnpj
  faker
  httparty
  json
  nokogiri
  sinatra

BUNDLED WITH
   1.15.3
